GEM
  remote: https://rubygems.org/
  specs:
    byebug (11.1.3)
    rack (2.2.3)

PLATFORMS
  ruby

DEPENDENCIES
  byebug
  rack

BUNDLED WITH
   2.1.4
